GEM
  remote: https://rubygems.org/
  specs:
    dotenv (0.9.0)
    excon (0.27.2)
    foreman (0.63.0)
      dotenv (>= 0.7)
      thor (>= 0.13.6)
    json (1.8.1)
    mandrill-api (1.0.47)
      excon (>= 0.16.0, < 1.0)
      json (>= 1.7.7, < 2.0)
    rake (10.1.0)
    thor (0.18.1)

PLATFORMS
  ruby

DEPENDENCIES
  foreman
  mandrill-api
  rake
